GEM
  remote: https://rubygems.org/
  specs:
    multi_json (1.8.4)
    mustermann (1.1.1)
      ruby2_keywords (~> 0.0.1)
    rack (2.2.2)
    rack-protection (2.0.8.1)
      rack
    rollbar (0.12.10)
      multi_json (~> 1.3)
    ruby2_keywords (0.0.2)
    sinatra (2.0.8.1)
      mustermann (~> 1.0)
      rack (~> 2.0)
      rack-protection (= 2.0.8.1)
      tilt (~> 2.0)
    tilt (2.0.10)

PLATFORMS
  ruby

DEPENDENCIES
  rollbar (~> 0.12.10)
  sinatra (>= 2.0.0)

BUNDLED WITH
   1.17.3
