GEM
  remote: https://rubygems.org/
  specs:
    multi_json (1.13.1)
    mustermann (1.0.2)
    rack (2.0.5)
    rack-protection (2.0.3)
      rack
    rollbar (2.5.2)
      multi_json
    sinatra (2.0.3)
      mustermann (~> 1.0)
      rack (~> 2.0)
      rack-protection (= 2.0.3)
      tilt (~> 2.0)
    tilt (2.0.8)

PLATFORMS
  ruby

DEPENDENCIES
  rollbar (~> 2.5.0)
  sinatra (>= 2.0.2)

BUNDLED WITH
   1.16.1
