GEM
  remote: https://rubygems.org/
  specs:
    multi_json (1.8.4)
    mustermann (1.0.3)
    rack (2.0.6)
    rack-protection (2.0.4)
      rack
    rollbar (0.12.10)
      multi_json (~> 1.3)
    sinatra (2.0.4)
      mustermann (~> 1.0)
      rack (~> 2.0)
      rack-protection (= 2.0.4)
      tilt (~> 2.0)
    tilt (2.0.8)

PLATFORMS
  ruby

DEPENDENCIES
  rollbar (~> 0.12.10)
  sinatra (>= 1.4.1)

BUNDLED WITH
   1.16.6
